GEM
  remote: https://rubygems.org/
  specs:
    yard (0.9.12)

PLATFORMS
  ruby
  x64-mingw32

DEPENDENCIES
  yard

BUNDLED WITH
   1.16.0
